GIT
  remote: git://github.com/RISCfuture/composite_primary_keys.git
  revision: df55887de2a8e984c7c052ad375df994d53fac59
  branch: rebase
  specs:
    composite_primary_keys (6.0.0)
      activerecord (>= 4.0.0)

GIT
  remote: git://github.com/RISCfuture/erector.git
  revision: d741e01ba7f16fef30abfa424cc72d2b2b4758e2
  specs:
    erector (0.9.0)
      treetop (>= 1.2.3)

GIT
  remote: git://github.com/RISCfuture/has_metadata_column.git
  revision: 29faf6191af94ecc16b0f411d0e939a955e7b534
  specs:
    has_metadata_column (1.1.2)
      boolean
      rails (>= 4.0)

GIT
  remote: git://github.com/RISCfuture/ruby-git.git
  revision: 2da2ed301fc5d2f9cb3125bd78db0522b322ed84
  specs:
    git (1.2.6)

GIT
  remote: git://github.com/ruby-ldap/ruby-net-ldap.git
  revision: bbef82f22494864f5c0e53d4dffb21cead3fc274
  specs:
    net-ldap (0.5.0)

GEM
  remote: https://rubygems.org/
  specs:
    actionmailer (4.0.0)
      actionpack (= 4.0.0)
      mail (~> 2.5.3)
    actionpack (4.0.0)
      activesupport (= 4.0.0)
      builder (~> 3.1.0)
      erubis (~> 2.7.0)
      rack (~> 1.5.2)
      rack-test (~> 0.6.2)
    activemodel (4.0.0)
      activesupport (= 4.0.0)
      builder (~> 3.1.0)
    activerecord (4.0.0)
      activemodel (= 4.0.0)
      activerecord-deprecated_finders (~> 1.0.2)
      activesupport (= 4.0.0)
      arel (~> 4.0.0)
    activerecord-deprecated_finders (1.0.3)
    activerecord-jdbc-adapter (1.3.1)
      activerecord (>= 2.2)
    activerecord-jdbcpostgresql-adapter (1.3.1)
      activerecord-jdbc-adapter (~> 1.3.1)
      jdbc-postgres (>= 9.1)
    activesupport (4.0.0)
      i18n (~> 0.6, >= 0.6.4)
      minitest (~> 4.2)
      multi_json (~> 1.3)
      thread_safe (~> 0.1)
      tzinfo (~> 0.3.37)
    addressable (2.3.5)
    arel (4.0.0)
    atomic (1.1.14)
    atomic (1.1.14-java)
    boolean (1.0.1)
    builder (3.1.4)
    coffee-rails (4.0.0)
      coffee-script (>= 2.2.0)
      railties (>= 4.0.0.beta, < 5.0)
    coffee-script (2.2.0)
      coffee-script-source
      execjs
    coffee-script-source (1.6.3)
    commonjs (0.2.7)
    configoro (1.3.0)
      activesupport
    diff-lcs (1.2.4)
    email_validation (1.1.1)
      localized_each_validator (>= 1.0.1)
    erubis (2.7.0)
    execjs (2.0.2)
    factory_girl (4.2.0)
      activesupport (>= 3.0.0)
    factory_girl_rails (4.2.1)
      factory_girl (~> 4.2.0)
      railties (>= 3.0.0)
    fakeweb (1.3.0)
    fdoc (0.3.2)
      json
      json-schema (~> 1.1)
      kramdown
      thor
    find_or_create_on_scopes (1.4.0)
      activerecord (>= 3.1)
    font-awesome-rails (3.2.1.3)
      railties (>= 3.2, < 5.0)
    hike (1.2.3)
    httpi (2.1.0)
      rack
      rubyntlm (~> 0.3.2)
    i18n (0.6.5)
    jdbc-postgres (9.2.1002.1)
    jquery-rails (3.0.4)
      railties (>= 3.0, < 5.0)
      thor (>= 0.14, < 2.0)
    json (1.8.0)
    json (1.8.0-java)
    json-schema (1.1.1)
    json_serialize (2.2.2)
      activerecord (>= 3.0)
      activesupport (>= 3.0)
    kramdown (1.2.0)
    less (2.4.0)
      commonjs (~> 0.2.7)
    less-rails (2.4.2)
      actionpack (>= 3.1)
      less (~> 2.4.0)
    libv8 (3.16.14.3)
    localized_each_validator (1.0.3)
      activemodel (>= 3.0)
      activesupport (>= 3.0)
    mail (2.5.4)
      mime-types (~> 1.16)
      treetop (~> 1.4.8)
    mime-types (1.25)
    minitest (4.7.5)
    multi_json (1.8.1)
    pg (0.17.0)
    plist (3.1.0)
    polyglot (0.3.3)
    rack (1.5.2)
    rack-cors (0.2.8)
      rack
    rack-test (0.6.2)
      rack (>= 1.0)
    rails (4.0.0)
      actionmailer (= 4.0.0)
      actionpack (= 4.0.0)
      activerecord (= 4.0.0)
      activesupport (= 4.0.0)
      bundler (>= 1.3.0, < 2.0)
      railties (= 4.0.0)
      sprockets-rails (~> 2.0.0)
    rails-observers (0.1.2)
      activemodel (~> 4.0)
    railties (4.0.0)
      actionpack (= 4.0.0)
      activesupport (= 4.0.0)
      rake (>= 0.8.7)
      thor (>= 0.18.1, < 2.0)
    rake (10.1.0)
    redcarpet (3.0.0)
    ref (1.0.5)
    rspec-core (2.14.5)
    rspec-expectations (2.14.3)
      diff-lcs (>= 1.1.3, < 2.0)
    rspec-mocks (2.14.3)
    rspec-rails (2.14.0)
      actionpack (>= 3.0)
      activesupport (>= 3.0)
      railties (>= 3.0)
      rspec-core (~> 2.14.0)
      rspec-expectations (~> 2.14.0)
      rspec-mocks (~> 2.14.0)
    rubyntlm (0.3.4)
    safe_yaml (0.9.7)
    sass (3.2.12)
    sass-rails (4.0.0)
      railties (>= 4.0.0.beta, < 5.0)
      sass (>= 3.1.10)
      sprockets-rails (~> 2.0.0)
    serialbox (1.0.0)
      activesupport
      json
    slugalicious (2.1.0)
      rails (>= 4.0)
      stringex
    sprockets (2.10.0)
      hike (~> 1.2)
      multi_json (~> 1.0)
      rack (~> 1.0)
      tilt (~> 1.1, != 1.3.0)
    sprockets-rails (2.0.0)
      actionpack (>= 3.0)
      activesupport (>= 3.0)
      sprockets (~> 2.8)
    sql_origin (1.1.0)
      rails (>= 4.0)
    squash_ios_symbolicator (1.1.1)
      plist
      serialbox
      squash_uploader (>= 1.0.1)
    squash_java (1.0.3)
      json
      squash_uploader (>= 1.0.1)
    squash_javascript (1.0.2)
      json
      railties (>= 3.1)
      squash_uploader
    squash_rails (1.2.0)
      squash_ruby
    squash_ruby (1.2.2)
      json
    squash_uploader (1.0.1)
      json
    stringex (2.1.0)
    therubyracer (0.12.0)
      libv8 (~> 3.16.14.0)
      ref
    therubyrhino (2.0.2)
      therubyrhino_jar (>= 1.7.3)
    therubyrhino_jar (1.7.4)
    thor (0.18.1)
    thread_safe (0.1.3)
      atomic
    thread_safe (0.1.3-java)
      atomic
    tilt (1.4.1)
    timeliness (0.3.7)
    treetop (1.4.15)
      polyglot
      polyglot (>= 0.3.1)
    tzinfo (0.3.38)
    uglifier (2.2.1)
      execjs (>= 0.3.0)
      multi_json (~> 1.0, >= 1.0.2)
    url_validation (1.0.0)
      activerecord
      activesupport
      addressable
      httpi
    user-agent (1.0.0)
    validates_timeliness (3.0.14)
      timeliness (~> 0.3.6)
    yard (0.8.7.2)

PLATFORMS
  java
  ruby

DEPENDENCIES
  activerecord-jdbcpostgresql-adapter
  coffee-rails
  composite_primary_keys!
  configoro (>= 1.2.4)
  email_validation
  erector!
  factory_girl_rails
  fakeweb
  fdoc
  find_or_create_on_scopes (>= 1.2.1)
  font-awesome-rails
  git!
  has_metadata_column!
  jquery-rails
  json
  json-schema (< 2.0.0)
  json_serialize
  kramdown
  less-rails
  libv8
  net-ldap!
  pg
  rack-cors
  rails (>= 4.0.0)
  rails-observers
  redcarpet
  rspec-rails
  safe_yaml
  sass-rails
  slugalicious
  sql_origin
  squash_ios_symbolicator
  squash_java
  squash_javascript
  squash_rails
  squash_ruby (>= 1.2.0)
  therubyracer (>= 0.11.1)
  therubyrhino
  uglifier
  url_validation
  user-agent
  validates_timeliness
  yard
